GEM
  remote: https://rubygems.org/
  specs:
    marky_markdown (0.2.3)

PLATFORMS
  ruby

DEPENDENCIES
  marky_markdown (~> 0.2.3)!

BUNDLED WITH
   2.0.2
